PATH
  remote: .
  specs:
    rubicon (0.0.1)
      systemu

GEM
  remote: https://rubygems.org/
  specs:
    systemu (2.6.5)

PLATFORMS
  ruby

DEPENDENCIES
  rubicon!

BUNDLED WITH
   1.16.2
